GEM
  remote: https://rubygems.org/
  specs:
    google-protobuf (3.14.0)
    googleapis-common-protos-types (1.0.5)
      google-protobuf (~> 3.11)
    grpc (1.32.0)
      google-protobuf (~> 3.13)
      googleapis-common-protos-types (~> 1.0)
    grpc-tools (1.32.0)

PLATFORMS
  ruby

DEPENDENCIES
  google-protobuf (~> 3.14)
  grpc (~> 1.32)
  grpc-tools (~> 1.32)

BUNDLED WITH
   2.1.4
